GIT
  remote: git@github.com:local-ch/phonebook-gem.git
  revision: afb64558a2ef6d5384b0b4e8acf63c1b81623788
  specs:
    localch (0.7.0)
      activesupport (~> 3.1.0)
      awesome_print (= 1.0.2)
      nokogiri (~> 1.5.0)
      railties (>= 3.1.0)
      rainbow (~> 1.1.3)
      thor (~> 0.14.6)
      typhoeus (~> 0.3.3)

GEM
  remote: http://rubygems.org/
  specs:
    actionpack (3.1.7)
      activemodel (= 3.1.7)
      activesupport (= 3.1.7)
      builder (~> 3.0.0)
      erubis (~> 2.7.0)
      i18n (~> 0.6)
      rack (~> 1.3.6)
      rack-cache (~> 1.2)
      rack-mount (~> 0.8.2)
      rack-test (~> 0.6.1)
      sprockets (~> 2.0.4)
    activemodel (3.1.7)
      activesupport (= 3.1.7)
      builder (~> 3.0.0)
      i18n (~> 0.6)
    activesupport (3.1.7)
      multi_json (>= 1.0, < 1.3)
    awesome_print (1.0.2)
    builder (3.0.0)
    capistrano (2.12.0)
      highline
      net-scp (>= 1.0.0)
      net-sftp (>= 2.0.0)
      net-ssh (>= 2.0.14)
      net-ssh-gateway (>= 1.1.0)
    daemons (1.1.5)
    dragonfly (0.9.12)
      rack
    erubis (2.7.0)
    eventmachine (0.12.10)
    haml (3.1.4)
    highline (1.6.13)
    hike (1.2.1)
    i18n (0.6.0)
    json (1.7.4)
    kgio (2.7.4)
    mime-types (1.19)
    multi_json (1.2.0)
    net-scp (1.0.4)
      net-ssh (>= 1.99.1)
    net-sftp (2.0.5)
      net-ssh (>= 2.0.9)
    net-ssh (2.5.2)
    net-ssh-gateway (1.1.0)
      net-ssh (>= 1.99.1)
    nokogiri (1.5.5)
    rack (1.3.6)
    rack-cache (1.2)
      rack (>= 0.4)
    rack-mount (0.8.3)
      rack (>= 1.0.0)
    rack-protection (1.2.0)
      rack
    rack-ssl (1.3.2)
      rack
    rack-test (0.6.1)
      rack (>= 1.0)
    railties (3.1.7)
      actionpack (= 3.1.7)
      activesupport (= 3.1.7)
      rack-ssl (~> 1.3.2)
      rake (>= 0.8.7)
      rdoc (~> 3.4)
      thor (~> 0.14.6)
    rainbow (1.1.4)
    raindrops (0.9.0)
    rake (0.9.2.2)
    rdoc (3.12)
      json (~> 1.4)
    sinatra (1.3.2)
      rack (~> 1.3, >= 1.3.6)
      rack-protection (~> 1.2)
      tilt (~> 1.3, >= 1.3.3)
    sprockets (2.0.4)
      hike (~> 1.2)
      rack (~> 1.0)
      tilt (~> 1.1, != 1.3.0)
    thin (1.3.1)
      daemons (>= 1.0.9)
      eventmachine (>= 0.12.6)
      rack (>= 1.0.0)
    thor (0.14.6)
    tilt (1.3.3)
    typhoeus (0.3.3)
      mime-types
    unicorn (4.3.1)
      kgio (~> 2.6)
      rack
      raindrops (~> 0.7)

PLATFORMS
  ruby

DEPENDENCIES
  capistrano
  dragonfly (~> 0.9.10)
  haml
  localch!
  rack
  rack-cache
  sinatra
  thin
  unicorn
